GEM
  remote: http://rubygems.org/
  specs:
    POpen4 (0.1.4)
      Platform (>= 0.4.0)
      open4
    Platform (0.4.0)
    chunky_png (1.2.5)
    compass (0.11.5)
      chunky_png (~> 1.2)
      fssm (>= 0.2.7)
      sass (~> 3.1)
    foreman (0.25.0)
      term-ansicolor (~> 1.0.5)
      thor (>= 0.13.6)
    fssm (0.2.7)
    guard (0.8.7)
      thor (~> 0.14.6)
    guard-rake (0.0.1)
      guard
      rake
    hike (1.2.1)
    open4 (1.2.0)
    rack (1.3.5)
    rake (0.9.2)
    rb-fsevent (0.4.3.1)
    sass (3.1.10)
    sprockets (2.0.3)
      hike (~> 1.2)
      rack (~> 1.0)
      tilt (~> 1.1, != 1.3.0)
    sprockets-sass (0.3.0)
      sprockets (~> 2.0)
    term-ansicolor (1.0.7)
    thor (0.14.6)
    tilt (1.3.3)
    yui-compressor (0.9.6)
      POpen4 (>= 0.1.4)

PLATFORMS
  ruby

DEPENDENCIES
  compass
  foreman
  guard
  guard-rake
  rb-fsevent
  sass
  sprockets (~> 2.0)
  sprockets-sass
  yui-compressor
